PATH
  remote: .
  specs:
    bootstrap-table-rails (1.18.2)

GEM
  remote: https://ruby.taobao.org/
  specs:
    rake (10.4.2)

PLATFORMS
  ruby

DEPENDENCIES
  bootstrap-table-rails!
  bundler (~> 1.3)
  rake
